PATH
  remote: .
  specs:
    shc (0.0.2)
      multi_json (~> 1.17)

GEM
  remote: https://rubygems.org/
  specs:
    activesupport (7.0.8.7)
      concurrent-ruby (~> 1.0, >= 1.0.2)
      i18n (>= 1.6, < 2)
      minitest (>= 5.1)
      tzinfo (~> 2.0)
    addressable (2.8.7)
      public_suffix (>= 2.0.2, < 7.0)
    ast (2.4.3)
    base64 (0.3.0)
    coderay (1.1.3)
    concurrent-ruby (1.3.5)
    connection_pool (2.5.4)
    ethon (0.15.0)
      ffi (>= 1.15.0)
    faraday (2.7.12)
      base64
      faraday-net_http (>= 2.0, < 3.1)
      ruby2_keywords (>= 0.0.4)
    faraday-net_http (3.0.2)
    faraday-rack (2.1.3)
      faraday (~> 2.0)
    faraday-retry (2.3.2)
      faraday (~> 2.0)
    faraday-typhoeus (1.1.0)
      faraday (~> 2.0)
      typhoeus (~> 1.4)
    ffi (1.17.2)
    ffi (1.17.2-aarch64-linux-gnu)
    ffi (1.17.2-aarch64-linux-musl)
    ffi (1.17.2-arm-linux-gnu)
    ffi (1.17.2-arm-linux-musl)
    ffi (1.17.2-arm64-darwin)
    ffi (1.17.2-x86-linux-gnu)
    ffi (1.17.2-x86-linux-musl)
    ffi (1.17.2-x86_64-darwin)
    ffi (1.17.2-x86_64-linux-gnu)
    ffi (1.17.2-x86_64-linux-musl)
    highline (2.1.0)
    i18n (1.14.7)
      concurrent-ruby (~> 1.0)
    json (2.13.2)
    json_pure (2.6.3)
    language_server-protocol (3.17.0.5)
    launchy (2.5.2)
      addressable (~> 2.8)
    lint_roller (1.1.0)
    method_source (1.1.0)
    minitest (5.25.5)
    multi_json (1.17.0)
    net-http-persistent (4.0.6)
      connection_pool (~> 2.2, >= 2.2.4)
    net-http-pipeline (1.0.1)
    parallel (1.27.0)
    parser (3.3.9.0)
      ast (~> 2.4.1)
      racc
    prism (1.5.1)
    pry (0.15.2)
      coderay (~> 1.1)
      method_source (~> 1.0)
    public_suffix (6.0.2)
    pusher-client (0.6.2)
      json
      websocket (~> 1.0)
    racc (1.8.1)
    rack (3.2.2)
    rack-test (2.1.0)
      rack (>= 1.3)
    rainbow (3.1.1)
    rake (13.3.0)
    regexp_parser (2.11.3)
    rubocop (1.80.2)
      json (~> 2.3)
      language_server-protocol (~> 3.17.0.2)
      lint_roller (~> 1.1.0)
      parallel (~> 1.10)
      parser (>= 3.3.0.2)
      rainbow (>= 2.2.2, < 4.0)
      regexp_parser (>= 2.9.3, < 3.0)
      rubocop-ast (>= 1.46.0, < 2.0)
      ruby-progressbar (~> 1.7)
      unicode-display_width (>= 2.4.0, < 4.0)
    rubocop-ast (1.46.0)
      parser (>= 3.3.7.2)
      prism (~> 1.4)
    ruby-progressbar (1.13.0)
    ruby2_keywords (0.0.5)
    travis (1.14.0)
      faraday (~> 2.7.10)
      faraday-rack (~> 2)
      highline (~> 2.1.0)
      json_pure (~> 2.6.3)
      launchy (~> 2.5.2)
      pusher-client (~> 0.6.2)
      rack-test (~> 2.1.0)
      travis-gh (~> 0.21.0)
    travis-gh (0.21.0)
      activesupport (~> 7.0.8)
      addressable (~> 2.8)
      faraday (~> 2)
      faraday-retry
      faraday-typhoeus
      multi_json (~> 1)
      net-http-persistent (~> 4)
      net-http-pipeline
    typhoeus (1.5.0)
      ethon (>= 0.9.0, < 0.16.0)
    tzinfo (2.0.6)
      concurrent-ruby (~> 1.0)
    unicode-display_width (3.2.0)
      unicode-emoji (~> 4.1)
    unicode-emoji (4.1.0)
    websocket (1.2.11)

PLATFORMS
  aarch64-linux-gnu
  aarch64-linux-musl
  arm-linux-gnu
  arm-linux-musl
  arm64-darwin
  ruby
  x86-linux-gnu
  x86-linux-musl
  x86_64-darwin
  x86_64-linux-gnu
  x86_64-linux-musl

DEPENDENCIES
  bundler (~> 2.7)
  pry (~> 0.15)
  rake (~> 13.3)
  rubocop (~> 1.80)
  shc!
  travis (~> 1.14)

RUBY VERSION
   ruby 3.4.5p51

BUNDLED WITH
   2.7.2
